GEM
  remote: https://rubygems.org/
  specs:
    cassandra-driver (2.0.1)
      ione (~> 1.2)
    daemons (1.1.9)
    eventmachine (1.0.7)
    ione (1.2.0)
    kgio (2.9.3)
    rack (1.6.0)
    rack-flash3 (1.0.5)
      rack
    rack-protection (1.5.3)
      rack
    raindrops (0.13.0)
    sinatra (1.4.5)
      rack (~> 1.4)
      rack-protection (~> 1.4)
      tilt (~> 1.3, >= 1.3.4)
    thin (1.6.3)
      daemons (~> 1.0, >= 1.0.9)
      eventmachine (~> 1.0)
      rack (~> 1.0)
    tilt (1.4.1)
    unicorn (4.8.3)
      kgio (~> 2.6)
      rack
      raindrops (~> 0.7)

PLATFORMS
  ruby

DEPENDENCIES
  cassandra-driver
  rack-flash3
  sinatra
  thin
  unicorn
