GEM
  remote: https://rubygems.org/
  specs:
    cassandra-driver (3.2.1)
      ione (~> 1.2)
    daemons (1.2.6)
    eventmachine (1.2.5)
    ione (1.2.4)
    kgio (2.11.1)
    mustermann (1.0.1)
    rack (2.0.3)
    rack-flash3 (1.0.5)
      rack
    rack-protection (2.0.0)
      rack
    raindrops (0.19.0)
    sinatra (2.0.0)
      mustermann (~> 1.0)
      rack (~> 2.0)
      rack-protection (= 2.0.0)
      tilt (~> 2.0)
    thin (1.7.2)
      daemons (~> 1.0, >= 1.0.9)
      eventmachine (~> 1.0, >= 1.0.4)
      rack (>= 1, < 3)
    tilt (2.0.8)
    unicorn (5.4.0)
      kgio (~> 2.6)
      raindrops (~> 0.7)

PLATFORMS
  ruby

DEPENDENCIES
  cassandra-driver
  rack-flash3
  sinatra
  thin
  unicorn

RUBY VERSION
   ruby 2.4.3p205

BUNDLED WITH
   1.16.1
